GIT
  remote: git://github.com/lndl/select2_simple_form.git
  revision: c3bb030a675a1c5a5fc5ce375564a0ba20381a7f
  tag: 0.7.3
  specs:
    select2_simple_form (0.7.3)
      rails (> 4.0.0)
      select2-rails (~> 3.5.2)

GEM
  remote: https://rubygems.org/
  specs:
    actionmailer (4.1.4)
      actionpack (= 4.1.4)
      actionview (= 4.1.4)
      mail (~> 2.5.4)
    actionpack (4.1.4)
      actionview (= 4.1.4)
      activesupport (= 4.1.4)
      rack (~> 1.5.2)
      rack-test (~> 0.6.2)
    actionview (4.1.4)
      activesupport (= 4.1.4)
      builder (~> 3.1)
      erubis (~> 2.7.0)
    activemodel (4.1.4)
      activesupport (= 4.1.4)
      builder (~> 3.1)
    activerecord (4.1.4)
      activemodel (= 4.1.4)
      activesupport (= 4.1.4)
      arel (~> 5.0.0)
    activerecord-sqlserver-adapter (4.1.8)
      activerecord (~> 4.1.0)
      arel
    activesupport (4.1.4)
      i18n (~> 0.6, >= 0.6.9)
      json (~> 1.7, >= 1.7.7)
      minitest (~> 5.1)
      thread_safe (~> 0.1)
      tzinfo (~> 1.1)
    akami (1.3.1)
      gyoku (>= 0.4.0)
      nokogiri
    arel (5.0.1.20140414130214)
    barby (0.6.5)
    bcrypt (3.1.11)
    better_errors (2.4.0)
      coderay (>= 1.0.0)
      erubi (>= 1.0.0)
      rack (>= 0.9.0)
    binding_of_caller (0.8.0)
      debug_inspector (>= 0.0.1)
    bootstrap-datepicker-rails (1.8.0.1)
      railties (>= 3.0)
    bootstrap-sass (3.3.0.0)
      sass (~> 3.2)
    builder (3.2.3)
    bullet (5.7.5)
      activesupport (>= 3.0.0)
      uniform_notifier (~> 1.11.0)
    byebug (10.0.2)
    chronic (0.10.2)
    coderay (1.1.2)
    coffee-rails (4.1.1)
      coffee-script (>= 2.2.0)
      railties (>= 4.0.0, < 5.1.x)
    coffee-script (2.4.1)
      coffee-script-source
      execjs
    coffee-script-source (1.12.2)
    composite_primary_keys (7.0.10)
      activerecord (~> 4.1.4)
    concurrent-ruby (1.0.5)
    debug_inspector (0.0.3)
    devise (4.4.3)
      bcrypt (~> 3.0)
      orm_adapter (~> 0.1)
      railties (>= 4.1.0, < 6.0)
      responders
      warden (~> 1.2.3)
    enum_help (0.0.17)
      activesupport (>= 3.0.0)
    erubi (1.7.1)
    erubis (2.7.0)
    execjs (2.7.0)
    extensobr (0.1.0)
    font-awesome-rails (4.7.0.4)
      railties (>= 3.2, < 6.0)
    foreigner (1.7.4)
      activerecord (>= 3.0.0)
    gyoku (1.3.1)
      builder (>= 2.1.2)
    hike (1.2.3)
    httpi (2.4.3)
      rack
      socksify
    i18n (0.9.5)
      concurrent-ruby (~> 1.0)
    jbuilder (1.5.3)
      activesupport (>= 3.0.0)
      multi_json (>= 1.2.0)
    jquery-inputmask-rails (2.5.5)
    jquery-rails (3.1.5)
      railties (>= 3.0, < 5.0)
      thor (>= 0.14, < 2.0)
    jquery-turbolinks (2.1.0)
      railties (>= 3.1.0)
      turbolinks
    jquery-ui-rails (6.0.1)
      railties (>= 3.2.16)
    json (1.8.6)
    mail (2.5.5)
      mime-types (~> 1.16)
      treetop (~> 1.4.8)
    method_source (0.9.0)
    mime-types (1.25.1)
    mini_portile (0.6.2)
    mini_portile2 (2.3.0)
    minitest (5.11.3)
    multi_json (1.13.1)
    mysql2 (0.3.21)
    nested_form (0.3.2)
    nokogiri (1.8.2)
      mini_portile2 (~> 2.3.0)
    nori (2.6.0)
    orm_adapter (0.5.0)
    pdf-core (0.2.5)
    polyamorous (1.3.3)
      activerecord (>= 3.0)
    polyglot (0.3.5)
    prawn (1.0.0)
      pdf-core (~> 0.2.2)
      ttfunk (~> 1.1.1)
    pry (0.11.3)
      coderay (~> 1.1.0)
      method_source (~> 0.9.0)
    puma (3.11.4)
    pundit (1.1.0)
      activesupport (>= 3.0.0)
    quiet_assets (1.1.0)
      railties (>= 3.1, < 5.0)
    rack (1.5.5)
    rack-test (0.6.3)
      rack (>= 1.0)
    rails (4.1.4)
      actionmailer (= 4.1.4)
      actionpack (= 4.1.4)
      actionview (= 4.1.4)
      activemodel (= 4.1.4)
      activerecord (= 4.1.4)
      activesupport (= 4.1.4)
      bundler (>= 1.3.0, < 2.0)
      railties (= 4.1.4)
      sprockets-rails (~> 2.0)
    railties (4.1.4)
      actionpack (= 4.1.4)
      activesupport (= 4.1.4)
      rake (>= 0.8.7)
      thor (>= 0.18.1, < 2.0)
    rake (12.3.1)
    ransack (1.8.8)
      actionpack (>= 3.0)
      activerecord (>= 3.0)
      activesupport (>= 3.0)
      i18n
      polyamorous (~> 1.3.2)
    rdoc (6.0.3)
    responders (1.1.2)
      railties (>= 3.2, < 4.2)
    ruby_danfe (1.11.5)
      barby
      nokogiri
      prawn (~> 1.0.0)
      rake
    sass (3.2.19)
    sass-rails (4.0.5)
      railties (>= 4.0.0, < 5.0)
      sass (~> 3.2.2)
      sprockets (~> 2.8, < 3.0)
      sprockets-rails (~> 2.0)
    savon (2.12.0)
      akami (~> 1.2)
      builder (>= 2.1.2)
      gyoku (~> 1.2)
      httpi (~> 2.3)
      nokogiri (>= 1.8.1)
      nori (~> 2.4)
      wasabi (~> 3.4)
    sdoc (1.0.0)
      rdoc (>= 5.0)
    select2-rails (3.5.9.3)
      thor (~> 0.14)
    signer (1.6.0)
      nokogiri (>= 1.5.1)
    simple-navigation (3.14.0)
      activesupport (>= 2.3.2)
    simple-navigation-bootstrap (1.0.2)
      railties (>= 3.1)
      simple-navigation (>= 3.7.0, < 4.0.0)
    simple_form (4.0.0)
      actionpack (> 4)
      activemodel (> 4)
    socksify (1.7.1)
    spring (1.7.2)
    sprockets (2.12.4)
      hike (~> 1.2)
      multi_json (~> 1.0)
      rack (~> 1.0)
      tilt (~> 1.1, != 1.3.0)
    sprockets-rails (2.3.3)
      actionpack (>= 3.0)
      activesupport (>= 3.0)
      sprockets (>= 2.8, < 4.0)
    thor (0.20.0)
    thread_safe (0.3.6)
    tilt (1.4.1)
    tiny_tds (0.7.0)
      mini_portile (= 0.6.2)
    toastr-rails (1.0.3)
      railties (>= 3.1.0)
    treetop (1.4.15)
      polyglot
      polyglot (>= 0.3.1)
    ttfunk (1.1.1)
    turbolinks (5.1.1)
      turbolinks-source (~> 5.1)
    turbolinks-source (5.1.0)
    tzinfo (1.2.5)
      thread_safe (~> 0.1)
    uglifier (3.0.0)
      execjs (>= 0.3.0, < 3)
    uniform_notifier (1.11.0)
    validates_cpf_cnpj (0.2.0)
      activemodel (>= 3.0.0)
    warden (1.2.7)
      rack (>= 1.0)
    wasabi (3.5.0)
      httpi (~> 2.0)
      nokogiri (>= 1.4.2)
    web-console (2.3.0)
      activemodel (>= 4.0)
      binding_of_caller (>= 0.7.2)
      railties (>= 4.0)
      sprockets-rails (>= 2.0, < 4.0)
    whenever (0.10.0)
      chronic (>= 0.6.3)
    wicked_pdf (1.1.0)
    wkhtmltopdf-binary (0.12.3.1)

PLATFORMS
  ruby

DEPENDENCIES
  activerecord-sqlserver-adapter (~> 4.1.0)
  better_errors
  bootstrap-datepicker-rails
  bootstrap-sass (= 3.3.0.0)
  bullet
  byebug
  coffee-rails (~> 4.1.0)
  composite_primary_keys (~> 7.0.10)
  devise
  enum_help
  extensobr
  font-awesome-rails
  foreigner
  jbuilder (~> 1.2)
  jquery-inputmask-rails
  jquery-rails
  jquery-turbolinks (~> 2.1.0)
  jquery-ui-rails
  mysql2 (~> 0.3.20)
  nested_form
  nokogiri
  pry
  puma
  pundit
  quiet_assets
  rails (= 4.1.4)
  ransack
  ruby_danfe
  sass-rails (~> 4.0.0)
  savon
  sdoc
  select2-rails (~> 3.5.9.3)
  select2_simple_form!
  signer
  simple-navigation
  simple-navigation-bootstrap
  simple_form
  spring
  tiny_tds (~> 0.7)
  toastr-rails
  tzinfo
  uglifier (>= 1.3.0)
  validates_cpf_cnpj
  web-console (~> 2.0)
  whenever
  wicked_pdf
  wkhtmltopdf-binary

RUBY VERSION
   ruby 2.2.2p95

BUNDLED WITH
   1.16.1
